GEM
  remote: http://rubygems.org/
  specs:
    columnize (0.3.6)
    daemons (1.0.10)
    debugger (1.2.0)
      columnize (>= 0.3.1)
      debugger-linecache (~> 1.1.1)
      debugger-ruby_core_source (~> 1.1.3)
    debugger-linecache (1.1.2)
      debugger-ruby_core_source (>= 1.1.1)
    debugger-ruby_core_source (1.1.3)
    gem_plugin (0.2.3)
    mongrel (1.2.0.pre2)
      daemons (~> 1.0.10)
      gem_plugin (~> 0.2.3)
    rack (1.4.1)

PLATFORMS
  ruby

DEPENDENCIES
  debugger
  mongrel
  rack
